GEM
  remote: https://rubygems.org/
  specs:
    diff-lcs (1.3)
    minitest (5.10.3)
    minitest-nyan-cat (0.0.1)
      nyan-cat-formatter (= 0.11)
    nyan-cat-formatter (0.11)
      rspec (>= 2.99, >= 2.14.2, < 4)
    rake (12.2.1)
    rspec (3.7.0)
      rspec-core (~> 3.7.0)
      rspec-expectations (~> 3.7.0)
      rspec-mocks (~> 3.7.0)
    rspec-core (3.7.0)
      rspec-support (~> 3.7.0)
    rspec-expectations (3.7.0)
      diff-lcs (>= 1.2.0, < 2.0)
      rspec-support (~> 3.7.0)
    rspec-mocks (3.7.0)
      diff-lcs (>= 1.2.0, < 2.0)
      rspec-support (~> 3.7.0)
    rspec-support (3.7.0)

PLATFORMS
  ruby
  x64-mingw32

DEPENDENCIES
  minitest
  minitest-nyan-cat
  rake

BUNDLED WITH
   1.16.0
